GEM
  remote: http://rubygems.org/
  specs:
    classifier (1.3.3)
      fast-stemmer (>= 1.0.0)
    crack (0.1.8)
    directory_watcher (1.4.0)
    duostack (0.4.0)
    fast-stemmer (1.0.0)
    haml (3.0.25)
    hpricot (0.8.4)
    httparty (0.7.4)
      crack (= 0.1.8)
    jekyll (0.10.0)
      classifier (>= 1.3.1)
      directory_watcher (>= 1.1.1)
      liquid (>= 1.9.0)
      maruku (>= 0.5.9)
    liquid (2.2.2)
    maruku (0.6.0)
      syntax (>= 1.0.0)
    mini_magick (3.2)
      subexec (~> 0.0.4)
    rack (1.2.1)
    rack-jekyll (0.3.5)
      jekyll
      rack
    subexec (0.0.4)
    syntax (1.0.0)

PLATFORMS
  ruby

DEPENDENCIES
  duostack
  haml
  hpricot
  httparty
  jekyll
  mini_magick
  rack (<= 1.2.1)
  rack-jekyll
