GEM
  remote: http://rubygems.org/
  specs:
    addressable (2.2.6)
    classifier (1.3.3)
      fast-stemmer (>= 1.0.0)
    crack (0.1.8)
    directory_watcher (1.4.0)
    fast-stemmer (1.0.0)
    haml (3.1.1)
    heroku (2.4.1)
      launchy (>= 0.3.2)
      rest-client (~> 1.6.1)
      term-ansicolor (~> 1.0.5)
    hpricot (0.8.4)
    httparty (0.7.7)
      crack (= 0.1.8)
    i18n (0.6.0)
    jekyll (0.10.0)
      classifier (>= 1.3.1)
      directory_watcher (>= 1.1.1)
      liquid (>= 1.9.0)
      maruku (>= 0.5.9)
    kramdown (0.13.3)
    launchy (2.0.5)
      addressable (~> 2.2.6)
    liquid (2.2.2)
    mail (2.3.0)
      i18n (>= 0.4.0)
      mime-types (~> 1.16)
      treetop (~> 1.4.8)
    maruku (0.6.0)
      syntax (>= 1.0.0)
    mime-types (1.16)
    mini_magick (3.2.1)
      subexec (~> 0.0.4)
    polyglot (0.3.1)
    pony (1.2)
      mail (> 2.0)
    rack (1.2.1)
    rack-jekyll (0.3.5)
      jekyll
      rack
    rest-client (1.6.3)
      mime-types (>= 1.16)
    sinatra (1.2.6)
      rack (~> 1.1)
      tilt (>= 1.2.2, < 2.0)
    subexec (0.0.4)
    syntax (1.0.0)
    term-ansicolor (1.0.6)
    tilt (1.3.2)
    treetop (1.4.9)
      polyglot (>= 0.3.1)

PLATFORMS
  ruby

DEPENDENCIES
  haml
  heroku
  hpricot
  httparty
  jekyll
  kramdown
  mini_magick
  pony
  rack (<= 1.2.1)
  rack-jekyll
  sinatra
